GEM
  remote: https://rubygems.org/
  specs:
    actionpack (4.1.7)
      actionview (= 4.1.7)
      activesupport (= 4.1.7)
      rack (~> 1.5.2)
      rack-test (~> 0.6.2)
    actionview (4.1.7)
      activesupport (= 4.1.7)
      builder (~> 3.1)
      erubis (~> 2.7.0)
    activesupport (4.1.7)
      i18n (~> 0.6, >= 0.6.9)
      json (~> 1.7, >= 1.7.7)
      minitest (~> 5.1)
      thread_safe (~> 0.1)
      tzinfo (~> 1.1)
    builder (3.2.2)
    coderay (1.1.0)
    erubis (2.7.0)
    geometry (6.3)
    hirb (0.7.2)
    i18n (0.6.11)
    json (1.8.1)
    method_source (0.8.2)
    minitest (5.4.2)
    minitest-rails (2.1.1)
      minitest (~> 5.4)
      railties (~> 4.1)
    mustache (0.99.7)
    pry (0.10.1)
      coderay (~> 1.1.0)
      method_source (~> 0.8.1)
      slop (~> 3.4)
    pry-rails (0.3.2)
      pry (>= 0.9.10)
    rack (1.5.2)
    rack-test (0.6.2)
      rack (>= 1.0)
    railties (4.1.7)
      actionpack (= 4.1.7)
      activesupport (= 4.1.7)
      rake (>= 0.8.7)
      thor (>= 0.18.1, < 2.0)
    rake (10.3.2)
    rb-readline (0.5.1)
    rdoc (4.1.2)
      json (~> 1.4)
    rmagick (2.13.3)
    sdoc (0.4.1)
      json (~> 1.7, >= 1.7.7)
      rdoc (~> 4.0)
    slop (3.6.0)
    stl (0.2)
      geometry
    thor (0.19.1)
    thread_safe (0.3.4)
    tzinfo (1.2.2)
      thread_safe (~> 0.1)

PLATFORMS
  ruby

DEPENDENCIES
  hirb
  minitest-rails
  mustache
  pry-rails
  rb-readline
  rmagick
  sdoc (~> 0.4.0)
  stl
