PATH
  remote: .
  specs:
    stl2gif (0.0.1)
      mustache
      rmagick
      stl

GEM
  remote: https://rubygems.org/
  specs:
    geometry (6.4)
    minitest (5.4.3)
    mustache (0.99.7)
    rake (10.4.0)
    rmagick (2.13.4)
    stl (0.2)
      geometry

PLATFORMS
  ruby

DEPENDENCIES
  bundler (~> 1.7)
  minitest
  rake (~> 10.0)
  stl2gif!
